GEM
  remote: https://rubygems.org/
  specs:
    activemodel (3.2.13)
      activesupport (= 3.2.13)
      builder (~> 3.0.0)
    activesupport (3.2.13)
      i18n (= 0.6.1)
      multi_json (~> 1.0)
    bson (1.9.0)
    bson_ext (1.9.0)
      bson (~> 1.9.0)
    builder (3.0.4)
    i18n (0.6.1)
    mongo (1.9.0)
      bson (~> 1.9.0)
    mongoid (2.7.1)
      activemodel (~> 3.1)
      mongo (~> 1.8)
      tzinfo (~> 0.3.22)
    multi_json (1.7.7)
    rack (1.5.2)
    rack-protection (1.5.0)
      rack
    shotgun (0.9)
      rack (>= 1.0)
    sinatra (1.4.3)
      rack (~> 1.4)
      rack-protection (~> 1.4)
      tilt (~> 1.3, >= 1.3.4)
    sinatra-flash (0.3.0)
      sinatra (>= 1.0.0)
    tilt (1.4.1)
    tzinfo (0.3.37)

PLATFORMS
  ruby

DEPENDENCIES
  bson_ext (~> 1.3)
  mongoid (~> 2.0)
  shotgun
  sinatra
  sinatra-flash
